GEM
  remote: https://rubygems.org/
  specs:
    activesupport-core-ext (4.0.0.3)
    aws-sdk (2.6.10)
      aws-sdk-resources (= 2.6.10)
    aws-sdk-core (2.6.10)
      jmespath (~> 1.0)
    aws-sdk-resources (2.6.10)
      aws-sdk-core (= 2.6.10)
    byebug (9.0.6)
    cloud_powers (0.2.7.17)
      activesupport-core-ext (~> 4)
      aws-sdk (~> 2)
      dotenv (~> 2.1)
      httparty (~> 0.14)
      rubyzip (~> 1.2)
      websocket-eventmachine-client
      websocket-eventmachine-server
      zip-zip (~> 0.3)
    diff-lcs (1.2.5)
    dotenv (2.1.1)
    eventmachine (1.2.0.1)
    gmail (0.6.0)
      gmail_xoauth (>= 0.3.0)
      mail (>= 2.2.1)
    gmail_xoauth (0.4.2)
      oauth (>= 0.3.6)
    httparty (0.14.0)
      multi_xml (>= 0.5.2)
    jmespath (1.3.1)
    mail (2.6.4)
      mime-types (>= 1.16, < 4)
    mime-types (3.1)
      mime-types-data (~> 3.2015)
    mime-types-data (3.2016.0521)
    multi_xml (0.5.5)
    oauth (0.5.1)
    rspec (3.5.0)
      rspec-core (~> 3.5.0)
      rspec-expectations (~> 3.5.0)
      rspec-mocks (~> 3.5.0)
    rspec-core (3.5.4)
      rspec-support (~> 3.5.0)
    rspec-expectations (3.5.0)
      diff-lcs (>= 1.2.0, < 2.0)
      rspec-support (~> 3.5.0)
    rspec-mocks (3.5.0)
      diff-lcs (>= 1.2.0, < 2.0)
      rspec-support (~> 3.5.0)
    rspec-support (3.5.0)
    rubyzip (1.2.0)
    websocket (1.2.3)
    websocket-eventmachine-base (1.2.0)
      eventmachine (~> 1.0)
      websocket (~> 1.0)
      websocket-native (~> 1.0)
    websocket-eventmachine-client (1.2.0)
      websocket-eventmachine-base (~> 1.0)
    websocket-eventmachine-server (1.0.1)
      websocket-eventmachine-base (~> 1.0)
    websocket-native (1.0.0)
    zip-zip (0.3)
      rubyzip (>= 1.0.0)

PLATFORMS
  ruby

DEPENDENCIES
  activesupport-core-ext
  aws-sdk (~> 2)
  bundler
  byebug
  cloud_powers
  dotenv
  gmail
  httparty
  rspec
  rubyzip
  zip-zip

RUBY VERSION
   ruby 2.3.1p112

BUNDLED WITH
   1.13.2
